GEM
  remote: https://rubygems.org/
  specs:
    checkout_sdk (1.1.1)
      faraday (>= 1.10.0)
      faraday-follow_redirects (~> 0.3.0)
      faraday-multipart (~> 1.0.4)
      mime-types (~> 3.0)
    faraday (2.7.4)
      faraday-net_http (>= 2.0, < 3.1)
      ruby2_keywords (>= 0.0.4)
    faraday-follow_redirects (0.3.0)
      faraday (>= 1, < 3)
    faraday-multipart (1.0.4)
      multipart-post (~> 2)
    faraday-net_http (3.0.2)
    mime-types (3.4.1)
      mime-types-data (~> 3.2015)
    mime-types-data (3.2023.0218.1)
    multipart-post (2.3.0)
    mustermann (3.0.0)
      ruby2_keywords (~> 0.0.1)
    rack (2.2.6.4)
    rack-protection (3.0.5)
      rack
    ruby2_keywords (0.0.5)
    sinatra (3.0.5)
      mustermann (~> 3.0)
      rack (~> 2.2, >= 2.2.4)
      rack-protection (= 3.0.5)
      tilt (~> 2.0)
    tilt (2.0.11)

PLATFORMS
  universal-darwin-22
  x86_64-darwin-21

DEPENDENCIES
  checkout_sdk (~> 1.1, >= 1.1.1)
  rack (~> 2.2.6.4)
  sinatra

BUNDLED WITH
   2.3.11
